GEM
  remote: https://rubygems.org/
  specs:
    faker (3.2.0)
      i18n (>= 1.8.11, < 2)
PLATFORMS
  arm64-darwin-21
  ruby
  x86_64-darwin-20
  x86_64-linux

DEPENDENCIES
  faker

BUNDLED WITH
   2.3.19
