GEM
  remote: https://rubygems.org/
  specs:
    concurrent-ruby (1.3.5)
    faker (3.5.1)
      i18n (>= 1.8.11, < 2)
    i18n (1.14.7)
      concurrent-ruby (~> 1.0)

PLATFORMS
  arm64-darwin-21
  ruby
  x86_64-darwin-20
  x86_64-linux

DEPENDENCIES
  faker

BUNDLED WITH
   2.4.22
